GEM
  remote: https://rubygems.org/
  specs:
    async (2.3.0)
      console (~> 1.10)
      io-event (~> 1.1)
      timers (~> 4.1)
    console (1.16.2)
      fiber-local
    fiber-local (1.0.0)
    io-event (1.1.3)
    timers (4.3.5)

PLATFORMS
  x64-mingw-ucrt

DEPENDENCIES
  async

BUNDLED WITH
   2.3.7
